PATH
  remote: .
  specs:
    petite (0.1.0)
      rack

GEM
  remote: https://rubygems.org/
  specs:
    minitest (5.8.3)
    rack (1.6.4)
    rake (10.5.0)

PLATFORMS
  ruby

DEPENDENCIES
  bundler (~> 1.11)
  minitest (~> 5.0)
  petite!
  rake (~> 10.0)

BUNDLED WITH
   1.11.2
