PATH
  remote: .
  specs:
    petite (0.1.0)
      bundler (~> 1.11)
      rack
      tilt

GEM
  remote: https://rubygems.org/
  specs:
    coderay (1.1.0)
    method_source (0.8.2)
    minitest (5.8.3)
    pry (0.9.12.6)
      coderay (~> 1.0)
      method_source (~> 0.8)
      slop (~> 3.4)
    rack (1.6.4)
    rake (10.5.0)
    slop (3.6.0)
    tilt (2.0.2)

PLATFORMS
  ruby

DEPENDENCIES
  minitest (~> 5.0)
  petite!
  pry
  rake (~> 10.0)

BUNDLED WITH
   1.11.2
